GEM
  remote: https://rubygems.org/
  specs:
    colorize (0.7.7)
    thor (0.19.1)

PLATFORMS
  ruby
  x64-mingw32

DEPENDENCIES
  colorize
  thor

BUNDLED WITH
   1.11.2
